PATH
  remote: .
  specs:
    papercraft (1.2)
      escape_utils (~> 1.3.0)
      kramdown (~> 2.4.0)
      kramdown-parser-gfm (~> 1.1.0)
      rouge (~> 4.2.0)
      sirop (~> 0.4)

GEM
  remote: https://rubygems.org/
  specs:
    benchmark-ips (2.7.2)
    erubis (2.7.0)
    escape_utils (1.3.0)
    kramdown (2.4.0)
      rexml
    kramdown-parser-gfm (1.1.0)
      kramdown (~> 2.0)
    minitest (5.22.3)
    prism (0.27.0)
    rexml (3.2.8)
      strscan (>= 3.0.9)
    rouge (4.2.1)
    sirop (0.4)
      prism (~> 0.27.0)
    strscan (3.1.0)
    tilt (2.2.0)

PLATFORMS
  arm64-darwin-21
  ruby
  x86_64-linux

DEPENDENCIES
  benchmark-ips (~> 2.7.2)
  erubis (~> 2.7.0)
  minitest (~> 5.22.0)
  papercraft!
  tilt (~> 2.2.0)

BUNDLED WITH
   2.3.3
